GEM
  remote: https://rubygems.org/
  specs:
    haml (5.0.3)
      temple (>= 0.8.0)
      tilt
    mustermann (1.0.1)
    rack (2.0.3)
    rack-protection (2.0.0)
      rack
    redis (4.0.0)
    sinatra (2.0.0)
      mustermann (~> 1.0)
      rack (~> 2.0)
      rack-protection (= 2.0.0)
      tilt (~> 2.0)
    temple (0.8.0)
    tilt (2.0.8)

PLATFORMS
  ruby

DEPENDENCIES
  haml
  redis
  sinatra

BUNDLED WITH
   1.15.4
